GEM
  remote: https://rubygems.org/
  specs:
    activemodel (7.0.6)
      activesupport (= 7.0.6)
    activerecord (7.0.6)
      activemodel (= 7.0.6)
      activesupport (= 7.0.6)
    activesupport (7.0.6)
      concurrent-ruby (~> 1.0, >= 1.0.2)
      i18n (>= 1.6, < 2)
      minitest (>= 5.1)
      tzinfo (~> 2.0)
    ast (2.4.2)
    coderay (1.1.3)
    concurrent-ruby (1.2.2)
    connection_pool (2.4.0)
    dotenv (2.8.1)
    httparty (0.21.0)
      mini_mime (>= 1.0.0)
      multi_xml (>= 0.5.2)
    i18n (1.14.1)
      concurrent-ruby (~> 1.0)
    json (2.9.1)
    language_server-protocol (3.17.0.4)
    logger (1.6.5)
    method_source (1.0.0)
    mini_mime (1.1.2)
    minitest (5.18.1)
    multi_xml (0.6.0)
    mustermann (3.0.0)
      ruby2_keywords (~> 0.0.1)
    neighbor (0.2.3)
      activerecord (>= 5.2)
    nio4r (2.5.9)
    parallel (1.26.3)
    parser (3.3.7.1)
      ast (~> 2.4.1)
      racc
    pg (1.5.3)
    prism (1.3.0)
    pry (0.14.2)
      coderay (~> 1.1)
      method_source (~> 1.0)
    puma (6.2.1)
      nio4r (~> 2.0)
    racc (1.8.1)
    rack (2.2.6.4)
    rack-protection (3.0.5)
      rack
    rainbow (3.1.1)
    rake (13.0.6)
    rbs (3.8.1)
      logger
    redis-client (0.14.1)
      connection_pool
    regexp_parser (2.10.0)
    rubocop (1.71.2)
      json (~> 2.3)
      language_server-protocol (>= 3.17.0)
      parallel (~> 1.10)
      parser (>= 3.3.0.2)
      rainbow (>= 2.2.2, < 4.0)
      regexp_parser (>= 2.9.3, < 3.0)
      rubocop-ast (>= 1.38.0, < 2.0)
      ruby-progressbar (~> 1.7)
      unicode-display_width (>= 2.4.0, < 4.0)
    rubocop-ast (1.38.0)
      parser (>= 3.3.1.0)
    ruby-lsp (0.23.8)
      language_server-protocol (~> 3.17.0)
      prism (>= 1.2, < 2.0)
      rbs (>= 3, < 4)
      sorbet-runtime (>= 0.5.10782)
    ruby-openai (3.7.0)
      httparty (>= 0.18.1)
    ruby-progressbar (1.13.0)
    ruby2_keywords (0.0.5)
    sidekiq (7.0.8)
      concurrent-ruby (< 2)
      connection_pool (>= 2.3.0)
      rack (>= 2.2.4)
      redis-client (>= 0.11.0)
    sinatra (3.0.5)
      mustermann (~> 3.0)
      rack (~> 2.2, >= 2.2.4)
      rack-protection (= 3.0.5)
      tilt (~> 2.0)
    sorbet-runtime (0.5.11802)
    tilt (2.1.0)
    tzinfo (2.0.6)
      concurrent-ruby (~> 1.0)
    tzinfo-data (1.2023.3)
      tzinfo (>= 1.0.0)
    unicode-display_width (3.1.4)
      unicode-emoji (~> 4.0, >= 4.0.4)
    unicode-emoji (4.0.4)

PLATFORMS
  arm64-darwin-21
  arm64-darwin-22
  arm64-darwin-24
  x86_64-linux

DEPENDENCIES
  activerecord
  dotenv
  httparty
  neighbor
  pg
  pry
  puma
  rake
  redis-client
  rubocop
  ruby-lsp
  ruby-openai
  sidekiq
  sinatra
  tzinfo-data

BUNDLED WITH
   2.3.20
